PATH
  remote: .
  specs:
    gala (0.4.0)
      openssl (= 2.0)

GEM
  remote: https://rubygems.org/
  specs:
    minitest (5.11.3)
    openssl (2.0.0)
    rake (12.3.1)

PLATFORMS
  ruby

DEPENDENCIES
  bundler (~> 1.14)
  gala!
  minitest
  rake (~> 12.0)

BUNDLED WITH
   1.17.3
